GEM
  remote: https://rubygems.org/
  specs:
    fastercsv (1.5.5)
    sequel (4.3.0)
    sqlite3 (1.3.8)
    sqlite3-ruby (1.3.3)
      sqlite3 (>= 1.3.3)

PLATFORMS
  ruby

DEPENDENCIES
  fastercsv
  sequel
  sqlite3-ruby
